GEM
  remote: https://rubygems.org/
  specs:
    ledgerous (0.0.1)

PLATFORMS
  ruby

DEPENDENCIES
  ledgerous
